GEM
  remote: https://rubygems.org/
  specs:
    addressable (2.8.4)
      public_suffix (>= 2.0.2, < 6.0)
    connection_pool (2.4.1)
    csv (3.1.2)
    domain_name (0.5.20190701)
      unf (>= 0.0.5, < 1.0.0)
    http (2.2.2)
      addressable (~> 2.3)
      http-cookie (~> 1.0)
      http-form_data (~> 1.0.1)
      http_parser.rb (~> 0.6.0)
    http-cookie (1.0.5)
      domain_name (~> 0.5)
    http-form_data (1.0.3)
    http_parser.rb (0.6.0)
    json (2.3.0)
    logger (1.4.2)
    mechanize (2.8.5)
      addressable (~> 2.8)
      domain_name (~> 0.5, >= 0.5.20190701)
      http-cookie (~> 1.0, >= 1.0.3)
      mime-types (~> 3.0)
      net-http-digest_auth (~> 1.4, >= 1.4.1)
      net-http-persistent (>= 2.5.2, < 5.0.dev)
      nokogiri (~> 1.11, >= 1.11.2)
      rubyntlm (~> 0.6, >= 0.6.3)
      webrick (~> 1.7)
      webrobots (~> 0.1.2)
    mime-types (3.4.1)
      mime-types-data (~> 3.2015)
    mime-types-data (3.2023.0218.1)
    mini_portile2 (2.8.2)
    net-http-digest_auth (1.4.1)
    net-http-persistent (4.0.2)
      connection_pool (~> 2.2)
    net-ssh (5.2.0)
    net-ssh-telnet (0.2.1)
      net-ssh (>= 2.0.1)
    net-telnet (0.2.0)
    nokogiri (1.15.2)
      mini_portile2 (~> 2.8.2)
      racc (~> 1.4)
    public_suffix (4.0.1)
    racc (1.6.2)
    roo (2.8.2)
      nokogiri (~> 1)
      rubyzip (>= 1.2.1, < 2.0.0)
    rubyntlm (0.6.3)
    rubyzip (1.3.0)
    shoes (3.0.1)
    unf (0.1.4)
      unf_ext
    unf_ext (0.0.8.2)
    webrick (1.8.1)
    webrobots (0.1.2)
    zabbixapi (4.1.2)
      http (~> 2.0)
      json (~> 2.0)

PLATFORMS
  ruby

DEPENDENCIES
  csv
  logger
  mechanize
  net-ssh
  net-ssh-telnet
  net-telnet
  roo
  shoes
  zabbixapi

BUNDLED WITH
   2.0.2
