GEM
  remote: https://rubygems.org/
  specs:
    connection_pool (2.2.2)
    csv (3.0.0)
    domain_name (0.5.20180417)
      unf (>= 0.0.5, < 1.0.0)
    http-cookie (1.0.3)
      domain_name (~> 0.5)
    logger (1.2.8)
    mechanize (2.7.6)
      domain_name (~> 0.5, >= 0.5.1)
      http-cookie (~> 1.0)
      mime-types (>= 1.17.2)
      net-http-digest_auth (~> 1.1, >= 1.1.1)
      net-http-persistent (>= 2.5.2)
      nokogiri (~> 1.6)
      ntlm-http (~> 0.1, >= 0.1.1)
      webrobots (>= 0.0.9, < 0.2)
    mime-types (3.1)
      mime-types-data (~> 3.2015)
    mime-types-data (3.2016.0521)
    mini_portile2 (2.3.0)
    net-http-digest_auth (1.4.1)
    net-http-persistent (3.0.0)
      connection_pool (~> 2.2)
    net-ssh (5.0.2)
    net-ssh-telnet (0.2.1)
      net-ssh (>= 2.0.1)
    net-telnet (0.1.1)
    nokogiri (1.8.4)
      mini_portile2 (~> 2.3.0)
    ntlm-http (0.1.1)
    rubyXL (3.3.29)
      nokogiri (>= 1.4.4)
      rubyzip (>= 1.1.6)
    rubyzip (1.2.1)
    shoes (3.0.1)
    unf (0.1.4)
      unf_ext
    unf_ext (0.0.7.5)
    webrobots (0.1.2)

PLATFORMS
  ruby

DEPENDENCIES
  csv
  logger
  mechanize
  net-ssh
  net-ssh-telnet
  net-telnet
  rubyXL
  shoes

RUBY VERSION
   ruby 2.5.1p57

BUNDLED WITH
   1.16.3
