GEM
  remote: https://rubygems.org/
  specs:
    connection_pool (2.2.2)
    csv (3.0.0)
    domain_name (0.5.20180417)
      unf (>= 0.0.5, < 1.0.0)
    http-cookie (1.0.3)
      domain_name (~> 0.5)
    mechanize (2.7.6)
      domain_name (~> 0.5, >= 0.5.1)
      http-cookie (~> 1.0)
      mime-types (>= 1.17.2)
      net-http-digest_auth (~> 1.1, >= 1.1.1)
      net-http-persistent (>= 2.5.2)
      nokogiri (~> 1.6)
      ntlm-http (~> 0.1, >= 0.1.1)
      webrobots (>= 0.0.9, < 0.2)
    mime-types (3.1)
      mime-types-data (~> 3.2015)
    mime-types-data (3.2016.0521)
    net-http-digest_auth (1.4.1)
    net-http-persistent (3.0.0)
      connection_pool (~> 2.2)
    net-telnet (0.1.1)
    nokogiri (1.8.4-java)
    ntlm-http (0.1.1)
    shoes (3.0.1)
    unf (0.1.4-java)
    webrobots (0.1.2)

PLATFORMS
  java

DEPENDENCIES
  csv (= 3.0.0)
  mechanize (= 2.7.6)
  net-telnet (= 0.1.1)
  shoes (= 3.0.1)

BUNDLED WITH
   1.16.2
